GEM
  remote: https://rubygems.org/
  specs:
    rack (2.2.3)
    rack-contrib (2.3.0)
      rack (~> 2.0)

PLATFORMS
  ruby

DEPENDENCIES
  rack
  rack-contrib

BUNDLED WITH
   2.1.4
